PATH
  remote: .
  specs:
    hulk (0.1.0)
      gli (= 2.0.0.rc6)

GEM
  remote: http://rubygems.org/
  specs:
    gli (2.0.0.rc6)
    rake (0.9.2.2)

PLATFORMS
  ruby

DEPENDENCIES
  hulk!
  rake
