GIT
  remote: git://github.com/davetron5000/gli.git
  revision: 2e1ce20615cd92258f702e0b87d4e7b172c4a107
  tag: v2.0.0.rc6
  specs:
    gli (2.0.0.rc6)

GEM
  remote: http://rubygems.org/
  specs:

PLATFORMS
  ruby

DEPENDENCIES
  gli!
